GEM
  remote: https://rubygems.org/
  specs:
    byebug (9.0.6)
    paint (2.0.0)

PLATFORMS
  ruby

DEPENDENCIES
  byebug!
  paint!

BUNDLED WITH
   1.14.6
